GEM
  remote: https://rubygems.org/
  specs:
    addressable (2.3.8)
    ansi (1.5.0)
    crack (0.4.2)
      safe_yaml (~> 1.0.0)
    httparty (0.13.5)
      json (~> 1.8)
      multi_xml (>= 0.5.2)
    json (1.8.3)
    minitest (4.7.5)
    multi_xml (0.5.5)
    rake (10.4.2)
    safe_yaml (1.0.4)
    turn (0.9.7)
      ansi
      minitest (~> 4)
    vcr (2.9.3)
    webmock (1.21.0)
      addressable (>= 2.3.6)
      crack (>= 0.3.2)

PLATFORMS
  ruby

DEPENDENCIES
  httparty
  rake
  turn
  vcr
  webmock
